{
	"Modality": "MR",
	"MagneticFieldStrength": 3,
	"ImagingFrequency": 127.772,
	"Manufacturer": "GE",
	"ManufacturersModelName": "DISCOVERY_MR750",
	"InstitutionName": "INSTITUTO_DE_NEUROBIOLOGIA",
	"DeviceSerialNumber": "0002806034DVR750",
	"StationName": "GEHCGEHC",
	"PatientPosition": "HFS",
	"ProcedureStepDescription": "IroniaVEV",
	"SoftwareVersions": "24_LX_MR_Software_release:DV24.0_R02_1607.b",
	"MRAcquisitionType": "2D",
	"SeriesDescription": "Ax_T2",
	"ProtocolName": "Ax_T2",
	"ScanningSequence": "SE",
	"SequenceVariant": "SK",
	"ScanOptions": "FAST_GEMS_EDR_GEMS_TRF_GEMS_FILTERED_GEMS",
	"ImageType": ["ORIGINAL", "PRIMARY", "OTHER"],
	"SeriesNumber": 3,
	"AcquisitionTime": "13:08:24.000000",
	"AcquisitionNumber": 1,
	"SliceThickness": 4,
	"SpacingBetweenSlices": 4,
	"SAR": 1.9337,
	"EchoTime": 0.099736,
	"RepetitionTime": 4.758,
	"FlipAngle": 111,
	"CoilString": "32Ch_Head",
	"PartialFourier": 0.0625,
	"PercentPhaseFOV": 75,
	"EchoTrainLength": 16,
	"AcquisitionMatrixPE": 256,
	"ReconMatrixPE": 512,
	"PixelBandwidth": 122.07,
	"PhaseEncodingAxis": "i",
	"ImageOrientationPatientDICOM": [
		1,
		-0,
		0,
		-0,
		1,
		0	],
	"InPlanePhaseEncodingDirectionDICOM": "ROW",
	"ConversionSoftware": "dcm2niix",
	"ConversionSoftwareVersion": "v1.0.20181125  GCC7.3.0"
}
